GIT
  remote: https://github.com/r509/r509-ocsp-responder.git
  revision: dce3812bea227d2c48614822e6666ab5d93d2fb1
  ref: dce3812bea227d2c48614822e6666ab5d93d2fb1
  specs:
    r509-ocsp-responder (0.3.3)
      dependo
      r509
      r509-validity-redis (~> 0.4.0)
      redis
      sinatra

PATH
  remote: .
  specs:
    metadata-checker (0.0.1)
      mixlib-cli (~> 2.0)
      nokogiri (~> 1.6)
      prometheus-client
      sinatra

GEM
  remote: https://rubygems.org/
  specs:
    addressable (2.5.2)
      public_suffix (>= 2.0.2, < 4.0)
    aruba (0.14.7)
      childprocess (>= 0.6.3, < 0.10.0)
      contracts (~> 0.9)
      cucumber (>= 1.3.19)
      ffi (~> 1.9)
      rspec-expectations (>= 2.99)
      thor (~> 0.19)
    builder (3.2.3)
    childprocess (0.9.0)
      ffi (~> 1.0, >= 1.0.11)
    ci_reporter (2.0.0)
      builder (>= 2.1.2)
    ci_reporter_cucumber (1.0.2)
      ci_reporter (~> 2.0)
      cucumber (~> 1.3.3)
    ci_reporter_rspec (1.0.0)
      ci_reporter (~> 2.0)
      rspec (>= 2.14, < 4)
    contracts (0.16.0)
    cucumber (1.3.20)
      builder (>= 2.1.2)
      diff-lcs (>= 1.1.3)
      gherkin (~> 2.12)
      multi_json (>= 1.7.5, < 2.0)
      multi_test (>= 0.1.2)
    dependo (0.2)
    diff-lcs (1.3)
    faraday (0.15.3)
      multipart-post (>= 1.2, < 3)
    faraday-http-cache (2.2.0)
      faraday (>= 0.8)
    ffi (1.10.0)
    gherkin (2.12.2)
      multi_json (~> 1.3)
    mini_portile2 (2.4.0)
    mixlib-cli (2.0.1)
    multi_json (1.13.1)
    multi_test (0.1.2)
    multipart-post (2.0.0)
    mustermann (3.0.0)
      ruby2_keywords (~> 0.0.1)
    nokogiri (1.10.4)
      mini_portile2 (~> 2.4.0)
    octokit (4.21.0)
      faraday (>= 0.9)
      sawyer (~> 0.8.0, >= 0.5.3)
    prometheus-client (0.9.0)
      quantile (~> 0.2.1)
    public_suffix (3.0.3)
    quantile (0.2.1)
    r509 (1.0.1)
    r509-validity-redis (0.4.2)
      r509
      rake
      redis
    rack (2.2.4)
    rack-protection (3.0.4)
      rack
    rake (10.5.0)
    redis (4.1.0)
    rspec (3.8.0)
      rspec-core (~> 3.8.0)
      rspec-expectations (~> 3.8.0)
      rspec-mocks (~> 3.8.0)
    rspec-core (3.8.0)
      rspec-support (~> 3.8.0)
    rspec-expectations (3.8.2)
      diff-lcs (>= 1.2.0, < 2.0)
      rspec-support (~> 3.8.0)
    rspec-mocks (3.8.0)
      diff-lcs (>= 1.2.0, < 2.0)
      rspec-support (~> 3.8.0)
    rspec-support (3.8.0)
    ruby2_keywords (0.0.5)
    sawyer (0.8.1)
      addressable (>= 2.3.5, < 2.6)
      faraday (~> 0.8, < 1.0)
    signer (1.8.0)
      nokogiri (>= 1.5.1)
    sinatra (3.0.4)
      mustermann (~> 3.0)
      rack (~> 2.2, >= 2.2.4)
      rack-protection (= 3.0.4)
      tilt (~> 2.0)
    thor (0.20.3)
    tilt (2.0.11)

PLATFORMS
  ruby

DEPENDENCIES
  aruba
  bundler (~> 2.0)
  ci_reporter
  ci_reporter_cucumber
  ci_reporter_rspec
  cucumber (~> 1.3.20)
  faraday-http-cache (= 2.2.0)
  metadata-checker!
  octokit (= 4.21.0)
  r509-ocsp-responder!
  rake (~> 10.0)
  rspec (~> 3.3)
  rspec-expectations (~> 3.3)
  signer (~> 1.4)

BUNDLED WITH
   2.0.1
